PATH
  remote: .
  specs:
    openapi_first (0.6.2)
      json_schemer (~> 0.2)
      multi_json (~> 1.13)
      oas_parser (~> 0.19)
      rack (~> 2)

GEM
  remote: https://rubygems.org/
  specs:
    activesupport (5.2.3)
      concurrent-ruby (~> 1.0, >= 1.0.2)
      i18n (>= 0.7, < 2)
      minitest (~> 5.1)
      tzinfo (~> 1.1)
    addressable (2.6.0)
      public_suffix (>= 2.0.2, < 4.0)
    ast (2.4.0)
    builder (3.2.3)
    coderay (1.1.2)
    concurrent-ruby (1.1.5)
    deep_merge (1.2.1)
    diff-lcs (1.3)
    ecma-re-validator (0.2.0)
      regexp_parser (~> 1.2)
    hana (1.3.5)
    hansi (0.2.0)
    i18n (1.6.0)
      concurrent-ruby (~> 1.0)
    jaro_winkler (1.5.3)
    json_schemer (0.2.0)
      ecma-re-validator (~> 0.2.0)
      hana (~> 1.3.3)
      regexp_parser (~> 1.2.0)
      uri_template (~> 0.7.0)
    method_source (0.9.2)
    mini_portile2 (2.4.0)
    minitest (5.11.3)
    multi_json (1.13.1)
    mustermann (1.0.3)
    mustermann-contrib (1.0.3)
      hansi (~> 0.2.0)
      mustermann (= 1.0.3)
    nokogiri (1.10.3)
      mini_portile2 (~> 2.4.0)
    oas_parser (0.19.0)
      activesupport (>= 4.0.0)
      addressable (~> 2.3)
      builder (~> 3.2.3)
      deep_merge (~> 1.2.1)
      mustermann-contrib (~> 1.0.3s)
      nokogiri
    parallel (1.17.0)
    parser (2.6.3.0)
      ast (~> 2.4.0)
    pry (0.12.2)
      coderay (~> 1.1.0)
      method_source (~> 0.9.0)
    public_suffix (3.1.1)
    rack (2.0.7)
    rack-test (1.1.0)
      rack (>= 1.0, < 3)
    rainbow (3.0.0)
    rake (10.5.0)
    regexp_parser (1.2.0)
    rspec (3.8.0)
      rspec-core (~> 3.8.0)
      rspec-expectations (~> 3.8.0)
      rspec-mocks (~> 3.8.0)
    rspec-core (3.8.2)
      rspec-support (~> 3.8.0)
    rspec-expectations (3.8.4)
      diff-lcs (>= 1.2.0, < 2.0)
      rspec-support (~> 3.8.0)
    rspec-mocks (3.8.1)
      diff-lcs (>= 1.2.0, < 2.0)
      rspec-support (~> 3.8.0)
    rspec-support (3.8.2)
    rubocop (0.72.0)
      jaro_winkler (~> 1.5.1)
      parallel (~> 1.10)
      parser (>= 2.6)
      rainbow (>= 2.2.2, < 4.0)
      ruby-progressbar (~> 1.7)
      unicode-display_width (>= 1.4.0, < 1.7)
    ruby-progressbar (1.10.1)
    thread_safe (0.3.6)
    tzinfo (1.2.5)
      thread_safe (~> 0.1)
    unicode-display_width (1.6.0)
    uri_template (0.7.0)

PLATFORMS
  ruby

DEPENDENCIES
  bundler (~> 2.0)
  openapi_first!
  pry
  rack-test (~> 1)
  rake (~> 10.0)
  rspec (~> 3.0)
  rubocop

BUNDLED WITH
   2.0.1
