PATH
  remote: ..
  specs:
    openapi_first (0.11.0)
      deep_merge (>= 1.2.1)
      hanami-router (~> 2.0.alpha3)
      hanami-utils (~> 2.0.alpha1)
      json_schemer (~> 0.2)
      multi_json (~> 1.14)
      oas_parser (~> 0.25.1)
      rack (~> 2.2)

GEM
  remote: https://rubygems.org/
  specs:
    activesupport (6.0.3.1)
      concurrent-ruby (~> 1.0, >= 1.0.2)
      i18n (>= 0.7, < 2)
      minitest (~> 5.1)
      tzinfo (~> 1.1)
      zeitwerk (~> 2.2, >= 2.2.2)
    addressable (2.7.0)
      public_suffix (>= 2.0.2, < 5.0)
    benchmark-ips (2.8.2)
    benchmark-memory (0.1.2)
      memory_profiler (~> 0.9)
    builder (3.2.4)
    committee (4.0.0)
      json_schema (~> 0.14, >= 0.14.3)
      openapi_parser (>= 0.11.1)
      rack (>= 1.5)
    concurrent-ruby (1.1.6)
    deep_merge (1.2.1)
    dry-configurable (0.11.5)
      concurrent-ruby (~> 1.0)
      dry-core (~> 0.4, >= 0.4.7)
      dry-equalizer (~> 0.2)
    dry-container (0.7.2)
      concurrent-ruby (~> 1.0)
      dry-configurable (~> 0.1, >= 0.1.3)
    dry-core (0.4.9)
      concurrent-ruby (~> 1.0)
    dry-equalizer (0.3.0)
    dry-inflector (0.2.0)
    dry-logic (1.0.6)
      concurrent-ruby (~> 1.0)
      dry-core (~> 0.2)
      dry-equalizer (~> 0.2)
    dry-types (1.4.0)
      concurrent-ruby (~> 1.0)
      dry-container (~> 0.3)
      dry-core (~> 0.4, >= 0.4.4)
      dry-equalizer (~> 0.3)
      dry-inflector (~> 0.1, >= 0.1.2)
      dry-logic (~> 1.0, >= 1.0.2)
    ecma-re-validator (0.2.1)
      regexp_parser (~> 1.2)
    grape (1.3.3)
      activesupport
      builder
      dry-types (>= 1.1)
      mustermann-grape (~> 1.0.0)
      rack (>= 1.3.0)
      rack-accept
    hana (1.3.6)
    hanami-router (2.0.0.alpha3)
      mustermann (~> 1.0)
      mustermann-contrib (~> 1.0)
      rack (~> 2.0)
    hanami-utils (2.0.0.alpha1)
      concurrent-ruby (~> 1.0)
      transproc (~> 1.0)
    hansi (0.2.0)
    hash-deep-merge (0.1.1)
    i18n (1.8.2)
      concurrent-ruby (~> 1.0)
    json_schema (0.20.8)
    json_schemer (0.2.11)
      ecma-re-validator (~> 0.2)
      hana (~> 1.3)
      regexp_parser (~> 1.5)
      uri_template (~> 0.7)
    memory_profiler (0.9.14)
    mini_portile2 (2.4.0)
    minitest (5.14.1)
    multi_json (1.14.1)
    mustermann (1.1.1)
      ruby2_keywords (~> 0.0.1)
    mustermann-contrib (1.1.1)
      hansi (~> 0.2.0)
      mustermann (= 1.1.1)
    mustermann-grape (1.0.1)
      mustermann (>= 1.0.0)
    nokogiri (1.10.9)
      mini_portile2 (~> 2.4.0)
    oas_parser (0.25.1)
      activesupport (>= 4.0.0)
      addressable (~> 2.3)
      builder (~> 3.2.3)
      deep_merge (~> 1.2.1)
      hash-deep-merge
      mustermann-contrib (~> 1.1.1)
      nokogiri
    openapi_parser (0.11.2)
    public_suffix (4.0.5)
    rack (2.2.2)
    rack-accept (0.4.5)
      rack (>= 0.4)
    rack-protection (2.0.8.1)
      rack
    regexp_parser (1.7.0)
    ruby2_keywords (0.0.2)
    seg (1.2.0)
    sinatra (2.0.8.1)
      mustermann (~> 1.0)
      rack (~> 2.0)
      rack-protection (= 2.0.8.1)
      tilt (~> 2.0)
    syro (3.2.0)
      rack (>= 1.6.0)
      seg
    thread_safe (0.3.6)
    tilt (2.0.10)
    transproc (1.1.1)
    tzinfo (1.2.7)
      thread_safe (~> 0.1)
    uri_template (0.7.0)
    zeitwerk (2.3.0)

PLATFORMS
  ruby

DEPENDENCIES
  benchmark-ips
  benchmark-memory
  committee
  grape
  hanami-router (~> 2.0.0.alpha2)
  multi_json
  openapi_first!
  sinatra
  syro

BUNDLED WITH
   2.1.4
