PATH
  remote: ..
  specs:
    openapi_first (1.0.0.beta6)
      json_refs (~> 0.1, >= 0.1.7)
      json_schemer (~> 2.0.0)
      multi_json (~> 1.15)
      mustermann-contrib (~> 3.0.0)
      openapi_parameters (>= 0.3.2, < 2.0)
      rack (>= 2.2, < 4.0)

GEM
  remote: https://rubygems.org/
  specs:
    activesupport (7.1.2)
      base64
      bigdecimal
      concurrent-ruby (~> 1.0, >= 1.0.2)
      connection_pool (>= 2.2.5)
      drb
      i18n (>= 1.6, < 2)
      minitest (>= 5.1)
      mutex_m
      tzinfo (~> 2.0)
    base64 (0.2.0)
    benchmark-ips (2.12.0)
    benchmark-memory (0.2.0)
      memory_profiler (~> 1)
    bigdecimal (3.1.4)
    builder (3.2.4)
    committee (5.0.0)
      json_schema (~> 0.14, >= 0.14.3)
      openapi_parser (~> 1.0)
      rack (>= 1.5)
    concurrent-ruby (1.2.2)
    connection_pool (2.4.1)
    drb (2.2.0)
      ruby2_keywords
    dry-core (1.0.1)
      concurrent-ruby (~> 1.0)
      zeitwerk (~> 2.6)
    dry-inflector (1.0.0)
    dry-logic (1.5.0)
      concurrent-ruby (~> 1.0)
      dry-core (~> 1.0, < 2)
      zeitwerk (~> 2.6)
    dry-types (1.7.1)
      concurrent-ruby (~> 1.0)
      dry-core (~> 1.0)
      dry-inflector (~> 1.0)
      dry-logic (~> 1.4)
      zeitwerk (~> 2.6)
    grape (2.0.0)
      activesupport (>= 5)
      builder
      dry-types (>= 1.1)
      mustermann-grape (~> 1.0.0)
      rack (>= 1.3.0)
      rack-accept
    hana (1.3.7)
    hanami-api (0.3.0)
      hanami-router (~> 2.0)
    hanami-router (2.0.2)
      mustermann (~> 3.0)
      mustermann-contrib (~> 3.0)
      rack (~> 2.0)
    hansi (0.2.1)
    i18n (1.14.1)
      concurrent-ruby (~> 1.0)
    json_refs (0.1.8)
      hana
    json_schema (0.21.0)
    json_schemer (2.0.0)
      hana (~> 1.3)
      regexp_parser (~> 2.0)
      simpleidn (~> 0.2)
    memory_profiler (1.0.1)
    minitest (5.20.0)
    multi_json (1.15.0)
    mustermann (3.0.0)
      ruby2_keywords (~> 0.0.1)
    mustermann-contrib (3.0.0)
      hansi (~> 0.2.0)
      mustermann (= 3.0.0)
    mustermann-grape (1.0.2)
      mustermann (>= 1.0.0)
    mutex_m (0.2.0)
    nio4r (2.5.9)
    openapi_parameters (0.3.2)
      rack (>= 2.2)
      zeitwerk (~> 2.6)
    openapi_parser (1.0.0)
    puma (6.4.0)
      nio4r (~> 2.0)
    rack (2.2.8)
    rack-accept (0.4.5)
      rack (>= 0.4)
    rack-protection (3.1.0)
      rack (~> 2.2, >= 2.2.4)
    regexp_parser (2.8.2)
    roda (3.74.0)
      rack
    ruby2_keywords (0.0.5)
    seg (1.2.0)
    simpleidn (0.2.1)
      unf (~> 0.1.4)
    sinatra (3.1.0)
      mustermann (~> 3.0)
      rack (~> 2.2, >= 2.2.4)
      rack-protection (= 3.1.0)
      tilt (~> 2.0)
    syro (3.2.1)
      rack (>= 1.6.0)
      seg
    tilt (2.3.0)
    tzinfo (2.0.6)
      concurrent-ruby (~> 1.0)
    unf (0.1.4)
      unf_ext
    unf_ext (0.0.9)
    zeitwerk (2.6.12)

PLATFORMS
  arm64-darwin-21
  x86_64-linux

DEPENDENCIES
  benchmark-ips
  benchmark-memory
  committee
  grape
  hanami-api
  hanami-router
  multi_json
  openapi_first!
  puma
  roda
  sinatra
  syro

BUNDLED WITH
   2.3.10
