PATH
  remote: ..
  specs:
    openapi_first (0.21.0)
      deep_merge (>= 1.2.1)
      hanami-router (~> 2.0.0)
      hanami-utils (~> 2.0.0)
      json_refs (~> 0.1, >= 0.1.7)
      json_schemer (~> 0.2.16)
      multi_json (~> 1.14)
      rack (>= 2.2, < 4.0)

GEM
  remote: https://rubygems.org/
  specs:
    activesupport (7.0.4.3)
      concurrent-ruby (~> 1.0, >= 1.0.2)
      i18n (>= 1.6, < 2)
      minitest (>= 5.1)
      tzinfo (~> 2.0)
    benchmark-ips (2.11.0)
    benchmark-memory (0.2.0)
      memory_profiler (~> 1)
    builder (3.2.4)
    committee (5.0.0)
      json_schema (~> 0.14, >= 0.14.3)
      openapi_parser (~> 1.0)
      rack (>= 1.5)
    concurrent-ruby (1.2.2)
    deep_merge (1.2.2)
    dry-core (1.0.0)
      concurrent-ruby (~> 1.0)
      zeitwerk (~> 2.6)
    dry-inflector (1.0.0)
    dry-logic (1.5.0)
      concurrent-ruby (~> 1.0)
      dry-core (~> 1.0, < 2)
      zeitwerk (~> 2.6)
    dry-transformer (1.0.1)
      zeitwerk (~> 2.6)
    dry-types (1.7.0)
      concurrent-ruby (~> 1.0)
      dry-core (~> 1.0, < 2)
      dry-inflector (~> 1.0, < 2)
      dry-logic (>= 1.4, < 2)
      zeitwerk (~> 2.6)
    ecma-re-validator (0.4.0)
      regexp_parser (~> 2.2)
    grape (1.7.0)
      activesupport
      builder
      dry-types (>= 1.1)
      mustermann-grape (~> 1.0.0)
      rack (>= 1.3.0)
      rack-accept
    hana (1.3.7)
    hanami-api (0.3.0)
      hanami-router (~> 2.0)
    hanami-router (2.0.2)
      mustermann (~> 3.0)
      mustermann-contrib (~> 3.0)
      rack (~> 2.0)
    hanami-utils (2.0.3)
      concurrent-ruby (~> 1.0)
      dry-core (~> 1.0, < 2)
      dry-transformer (~> 1.0, < 2)
    hansi (0.2.1)
    i18n (1.12.0)
      concurrent-ruby (~> 1.0)
    json_refs (0.1.7)
      hana
    json_schema (0.21.0)
    json_schemer (0.2.24)
      ecma-re-validator (~> 0.3)
      hana (~> 1.3)
      regexp_parser (~> 2.0)
      uri_template (~> 0.7)
    memory_profiler (1.0.1)
    minitest (5.18.0)
    multi_json (1.15.0)
    mustermann (3.0.0)
      ruby2_keywords (~> 0.0.1)
    mustermann-contrib (3.0.0)
      hansi (~> 0.2.0)
      mustermann (= 3.0.0)
    mustermann-grape (1.0.2)
      mustermann (>= 1.0.0)
    nio4r (2.5.8)
    openapi_parser (1.0.0)
    puma (6.1.0)
      nio4r (~> 2.0)
    rack (2.2.6.4)
    rack-accept (0.4.5)
      rack (>= 0.4)
    rack-protection (3.0.5)
      rack
    regexp_parser (2.7.0)
    roda (3.65.0)
      rack
    ruby2_keywords (0.0.5)
    seg (1.2.0)
    sinatra (3.0.5)
      mustermann (~> 3.0)
      rack (~> 2.2, >= 2.2.4)
      rack-protection (= 3.0.5)
      tilt (~> 2.0)
    syro (3.2.1)
      rack (>= 1.6.0)
      seg
    tilt (2.0.11)
    tzinfo (2.0.6)
      concurrent-ruby (~> 1.0)
    uri_template (0.7.0)
    zeitwerk (2.6.7)

PLATFORMS
  arm64-darwin-21
  x86_64-linux

DEPENDENCIES
  benchmark-ips
  benchmark-memory
  committee
  grape
  hanami-api
  hanami-router
  multi_json
  openapi_first!
  puma
  roda
  sinatra
  syro

BUNDLED WITH
   2.3.10
