PATH
  remote: ..
  specs:
    openapi_first (2.1.1)
      hana (~> 1.3)
      json_schemer (>= 2.1, < 3.0)
      multi_json (~> 1.15)
      openapi_parameters (>= 0.3.3, < 2.0)
      rack (>= 2.2, < 4.0)

GEM
  remote: https://rubygems.org/
  specs:
    base64 (0.2.0)
    benchmark-ips (2.14.0)
    benchmark-memory (0.2.0)
      memory_profiler (~> 1)
    bigdecimal (3.1.8)
    committee (5.4.0)
      json_schema (~> 0.14, >= 0.14.3)
      openapi_parser (~> 2.0)
      rack (>= 1.5, < 3.1)
    hana (1.3.7)
    json_schema (0.21.0)
    json_schemer (2.3.0)
      bigdecimal
      hana (~> 1.3)
      regexp_parser (~> 2.0)
      simpleidn (~> 0.2)
    memory_profiler (1.1.0)
    multi_json (1.15.0)
    mustermann (3.0.3)
      ruby2_keywords (~> 0.0.1)
    nio4r (2.7.4)
    openapi_parameters (0.3.3)
      rack (>= 2.2)
    openapi_parser (2.2.1)
    optparse (0.5.0)
    profile-viewer (0.0.2)
      optparse
      webrick
    puma (6.4.3)
      nio4r (~> 2.0)
    rack (3.0.11)
    rack-protection (4.0.0)
      base64 (>= 0.1.0)
      rack (>= 3.0.0, < 4)
    rack-session (2.0.0)
      rack (>= 3.0.0)
    regexp_parser (2.9.2)
    ruby2_keywords (0.0.5)
    simpleidn (0.2.3)
    sinatra (4.0.0)
      mustermann (~> 3.0)
      rack (>= 3.0.0, < 4)
      rack-protection (= 4.0.0)
      rack-session (>= 2.0.0, < 3)
      tilt (~> 2.0)
    tilt (2.4.0)
    vernier (1.2.1)
    webrick (1.8.2)

PLATFORMS
  arm64-darwin-23
  ruby
  x86_64-linux

DEPENDENCIES
  benchmark-ips
  benchmark-memory
  committee
  multi_json
  openapi_first!
  openapi_parameters (= 0.3.3)
  profile-viewer
  puma
  sinatra
  vernier

BUNDLED WITH
   2.5.9
