PATH
  remote: ..
  specs:
    openapi_first (0.17.0)
      deep_merge (>= 1.2.1)
      hanami-router (= 2.0.alpha5)
      hanami-utils (= 2.0.alpha3)
      json_refs (~> 0.1, >= 0.1.7)
      json_schemer (~> 0.2.16)
      multi_json (~> 1.14)
      rack (~> 2.2)

GEM
  remote: https://rubygems.org/
  specs:
    activesupport (7.0.2.3)
      concurrent-ruby (~> 1.0, >= 1.0.2)
      i18n (>= 1.6, < 2)
      minitest (>= 5.1)
      tzinfo (~> 2.0)
    benchmark-ips (2.10.0)
    benchmark-memory (0.2.0)
      memory_profiler (~> 1)
    builder (3.2.4)
    committee (4.4.0)
      json_schema (~> 0.14, >= 0.14.3)
      openapi_parser (>= 0.11.1, < 1.0)
      rack (>= 1.5)
    concurrent-ruby (1.1.10)
    deep_merge (1.2.2)
    dry-configurable (0.14.0)
      concurrent-ruby (~> 1.0)
      dry-core (~> 0.6)
    dry-container (0.9.0)
      concurrent-ruby (~> 1.0)
      dry-configurable (~> 0.13, >= 0.13.0)
    dry-core (0.7.1)
      concurrent-ruby (~> 1.0)
    dry-inflector (0.2.1)
    dry-logic (1.2.0)
      concurrent-ruby (~> 1.0)
      dry-core (~> 0.5, >= 0.5)
    dry-transformer (0.1.1)
    dry-types (1.5.1)
      concurrent-ruby (~> 1.0)
      dry-container (~> 0.3)
      dry-core (~> 0.5, >= 0.5)
      dry-inflector (~> 0.1, >= 0.1.2)
      dry-logic (~> 1.0, >= 1.0.2)
    ecma-re-validator (0.4.0)
      regexp_parser (~> 2.2)
    grape (1.6.2)
      activesupport
      builder
      dry-types (>= 1.1)
      mustermann-grape (~> 1.0.0)
      rack (>= 1.3.0)
      rack-accept
    hana (1.3.7)
    hanami-api (0.2.0)
      hanami-router (~> 2.0.alpha)
    hanami-router (2.0.0.alpha5)
      mustermann (~> 1.0)
      mustermann-contrib (~> 1.0)
      rack (~> 2.0)
    hanami-utils (2.0.0.alpha3)
      concurrent-ruby (~> 1.0)
      dry-transformer (~> 0.1)
    hansi (0.2.0)
    i18n (1.10.0)
      concurrent-ruby (~> 1.0)
    json_refs (0.1.7)
      hana
    json_schema (0.21.0)
    json_schemer (0.2.20)
      ecma-re-validator (~> 0.3)
      hana (~> 1.3)
      regexp_parser (~> 2.0)
      uri_template (~> 0.7)
    memory_profiler (1.0.0)
    minitest (5.15.0)
    multi_json (1.15.0)
    mustermann (1.1.1)
      ruby2_keywords (~> 0.0.1)
    mustermann-contrib (1.1.1)
      hansi (~> 0.2.0)
      mustermann (= 1.1.1)
    mustermann-grape (1.0.1)
      mustermann (>= 1.0.0)
    openapi_parser (0.15.0)
    rack (2.2.3)
    rack-accept (0.4.5)
      rack (>= 0.4)
    rack-protection (2.2.0)
      rack
    regexp_parser (2.2.1)
    roda (3.54.0)
      rack
    ruby2_keywords (0.0.5)
    seg (1.2.0)
    sinatra (2.2.0)
      mustermann (~> 1.0)
      rack (~> 2.2)
      rack-protection (= 2.2.0)
      tilt (~> 2.0)
    syro (3.2.1)
      rack (>= 1.6.0)
      seg
    tilt (2.0.10)
    tzinfo (2.0.4)
      concurrent-ruby (~> 1.0)
    uri_template (0.7.0)

PLATFORMS
  arm64-darwin-21

DEPENDENCIES
  benchmark-ips
  benchmark-memory
  committee
  grape
  hanami-api
  hanami-router
  multi_json
  openapi_first!
  roda
  sinatra
  syro

BUNDLED WITH
   2.3.10
